NUGET
  remote: https://www.nuget.org/api/v2
    Angara.Serialization (0.3)

GROUP Build
NUGET
  remote: https://www.nuget.org/api/v2
    FAKE (4.64.12)
    FSharp.Compiler.Service (2.0.0.6)
    FSharp.Formatting (2.14.4)
      FSharp.Compiler.Service (2.0.0.6)
      FSharpVSPowerTools.Core (>= 2.3 < 2.4)
    FSharpVSPowerTools.Core (2.3)
      FSharp.Compiler.Service (>= 2.0.0.3)
    Microsoft.Bcl (1.1.10) - restriction: && (< net45) (< portable-win81+wpa81) (< win8)
      Microsoft.Bcl.Build (>= 1.0.14)
    Microsoft.Bcl.Build (1.0.21) - import_targets: false, restriction: && (< net45) (< portable-win81+wpa81) (< win8)
    Microsoft.Net.Http (2.2.29) - restriction: && (< net45) (< portable-win81+wpa81) (< win8)
      Microsoft.Bcl (>= 1.1.10)
      Microsoft.Bcl.Build (>= 1.0.14)
    Octokit (0.23)
      Microsoft.Net.Http  - restriction: && (< net45) (< portable-win81+wpa81) (< win8)
    SourceLink.Fake (1.1)
    Yarnpkg.Yarn (1.6)
GITHUB
  remote: fsharp/FAKE
    modules/Octokit/Octokit.fsx (7f99a9c4350b6b15a044254977c882574cd72b61)
      Octokit (>= 0.20)
GROUP Docs
NUGET
  remote: https://www.nuget.org/api/v2
    Angara.Html (0.2.5)
      Angara.Reinstate (>= 0.2.5)
      Angara.Serialization (>= 0.2.1 < 0.3)
      Angara.Serialization.Json (>= 0.2.1 < 0.3)
      DotNetZip (>= 1.10.1 < 1.11)
      Newtonsoft.Json (>= 9.0 < 10.0)
      Suave (>= 1.1.2 < 1.2)
    Angara.Reinstate (0.2.5)
      Angara.Serialization (>= 0.2.1 < 0.3)
      Angara.Serialization.Json (>= 0.2.1 < 0.3)
      Newtonsoft.Json (>= 9.0 < 10.0)
    Angara.Serialization (0.2.1)
    Angara.Serialization.Json (0.2.1)
      Angara.Serialization (>= 0.2.1)
      Newtonsoft.Json (>= 9.0.1)
    Angara.Statistics (0.1.4)
      Angara.Serialization
    Angara.Table (0.2.3)
      Angara.Serialization (>= 0.2 < 0.3)
      Angara.Statistics (>= 0.1 < 1.0)
      System.Collections.Immutable (1.1.36)
    DotNetZip (1.10.1)
    FSharp.Core (4.0.0.1)
    Microsoft.CSharp (4.0.1) - restriction: >= netstandard1.0
      System.Collections (>= 4.0.11) - restriction: || (== dnxcore50) (>= netstandard1.3)
      System.Diagnostics.Debug (>= 4.0.11) - restriction: || (== dnxcore50) (>= netstandard1.3)
      System.Dynamic.Runtime (>= 4.0.11) - restriction: || (== dnxcore50) (== netstandard1.0) (>= netstandard1.3)
      System.Globalization (>= 4.0.11) - restriction: || (== dnxcore50) (>= netstandard1.3)
      System.Linq (>= 4.1) - restriction: || (== dnxcore50) (>= netstandard1.3)
      System.Linq.Expressions (>= 4.1) - restriction: || (== dnxcore50) (== netstandard1.0) (>= netstandard1.3)
      System.ObjectModel (>= 4.0.12) - restriction: || (== dnxcore50) (>= netstandard1.3)
      System.Reflection (>= 4.1) - restriction: || (== dnxcore50) (>= netstandard1.3)
      System.Reflection.Extensions (>= 4.0.1) - restriction: || (== dnxcore50) (>= netstandard1.3)
      System.Reflection.Primitives (>= 4.0.1) - restriction: || (== dnxcore50) (>= netstandard1.3)
      System.Reflection.TypeExtensions (>= 4.1) - restriction: || (== dnxcore50) (>= netstandard1.3)
      System.Resources.ResourceManager (>= 4.0.1) - restriction: || (== dnxcore50) (>= netstandard1.3)
      System.Runtime (>= 4.1) - restriction: || (== dnxcore50) (== netstandard1.0) (>= netstandard1.3)
      System.Runtime.Extensions (>= 4.1) - restriction: || (== dnxcore50) (>= netstandard1.3)
      System.Runtime.InteropServices (>= 4.1) - restriction: || (== dnxcore50) (>= netstandard1.3)
      System.Threading (>= 4.0.11) - restriction: || (== dnxcore50) (>= netstandard1.3)
    Microsoft.NETCore.Platforms (1.0.1) - restriction: >= netstandard1.0
    Microsoft.NETCore.Targets (1.0.1) - restriction: >= netstandard1.0
    Newtonsoft.Json (9.0.1)
      Microsoft.CSharp (>= 4.0.1) - restriction: >= netstandard1.0
      System.Collections (>= 4.0.11) - restriction: >= netstandard1.0
      System.Diagnostics.Debug (>= 4.0.11) - restriction: >= netstandard1.0
      System.Dynamic.Runtime (>= 4.0.11) - restriction: >= netstandard1.0
      System.Globalization (>= 4.0.11) - restriction: >= netstandard1.0
      System.IO (>= 4.1) - restriction: >= netstandard1.0
      System.Linq (>= 4.1) - restriction: >= netstandard1.0
      System.Linq.Expressions (>= 4.1) - restriction: >= netstandard1.0
      System.ObjectModel (>= 4.0.12) - restriction: >= netstandard1.0
      System.Reflection (>= 4.1) - restriction: >= netstandard1.0
      System.Reflection.Extensions (>= 4.0.1) - restriction: >= netstandard1.0
      System.Resources.ResourceManager (>= 4.0.1) - restriction: >= netstandard1.0
      System.Runtime (>= 4.1) - restriction: >= netstandard1.0
      System.Runtime.Extensions (>= 4.1) - restriction: >= netstandard1.0
      System.Runtime.Serialization.Primitives (>= 4.1.1) - restriction: >= netstandard1.0
      System.Text.Encoding (>= 4.0.11) - restriction: >= netstandard1.0
      System.Text.Encoding.Extensions (>= 4.0.11) - restriction: >= netstandard1.0
      System.Text.RegularExpressions (>= 4.1) - restriction: >= netstandard1.0
      System.Threading (>= 4.0.11) - restriction: >= netstandard1.0
      System.Threading.Tasks (>= 4.0.11) - restriction: >= netstandard1.0
      System.Xml.ReaderWriter (>= 4.0.11) - restriction: >= netstandard1.0
      System.Xml.XDocument (>= 4.0.11) - restriction: >= netstandard1.0
    Suave (1.1.3)
      FSharp.Core (>= 3.1.2.5)
    System.Collections (4.0.11) - restriction: >= netstandard1.0
      Microsoft.NETCore.Platforms (>= 1.0.1) - restriction: || (== dnxcore50) (== netstandard1.0) (>= netstandard1.3)
      Microsoft.NETCore.Targets (>= 1.0.1) - restriction: || (== dnxcore50) (== netstandard1.0) (>= netstandard1.3)
      System.Runtime (>= 4.1) - restriction: || (== dnxcore50) (== netstandard1.0) (>= netstandard1.3)
    System.Collections.Immutable (1.1.36)
    System.Diagnostics.Debug (4.0.11) - restriction: >= netstandard1.0
      Microsoft.NETCore.Platforms (>= 1.0.1) - restriction: || (== dnxcore50) (== netstandard1.0) (>= netstandard1.3)
      Microsoft.NETCore.Targets (>= 1.0.1) - restriction: || (== dnxcore50) (== netstandard1.0) (>= netstandard1.3)
      System.Runtime (>= 4.1) - restriction: || (== dnxcore50) (== netstandard1.0) (>= netstandard1.3)
    System.Diagnostics.Tools (4.0.1) - restriction: >= netstandard1.3
      Microsoft.NETCore.Platforms (>= 1.0.1) - restriction: || (== dnxcore50) (>= netstandard1.0)
      Microsoft.NETCore.Targets (>= 1.0.1) - restriction: || (== dnxcore50) (>= netstandard1.0)
      System.Runtime (>= 4.1) - restriction: || (== dnxcore50) (>= netstandard1.0)
    System.Dynamic.Runtime (4.0.11) - restriction: >= netstandard1.0
      System.Collections (>= 4.0.11) - restriction: || (== dnxcore50) (>= netstandard1.3)
      System.Diagnostics.Debug (>= 4.0.11) - restriction: || (== dnxcore50) (>= netstandard1.3)
      System.Globalization (>= 4.0.11) - restriction: || (== dnxcore50) (>= netstandard1.3)
      System.Linq (>= 4.1) - restriction: || (== dnxcore50) (>= netstandard1.3)
      System.Linq.Expressions (>= 4.1) - restriction: || (== dnxcore50) (== netstandard1.0) (>= netstandard1.3)
      System.ObjectModel (>= 4.0.12) - restriction: || (== dnxcore50) (== netstandard1.0) (>= netstandard1.3)
      System.Reflection (>= 4.1) - restriction: || (== dnxcore50) (== netstandard1.0) (>= netstandard1.3)
      System.Reflection.Emit (>= 4.0.1) - restriction: >= netstandard1.3
      System.Reflection.Emit.ILGeneration (>= 4.0.1) - restriction: >= netstandard1.3
      System.Reflection.Primitives (>= 4.0.1) - restriction: >= netstandard1.3
      System.Reflection.TypeExtensions (>= 4.1) - restriction: || (== dnxcore50) (>= netstandard1.3)
      System.Resources.ResourceManager (>= 4.0.1) - restriction: || (== dnxcore50) (>= netstandard1.3)
      System.Runtime (>= 4.1) - restriction: || (== dnxcore50) (== netstandard1.0) (>= netstandard1.3)
      System.Runtime.Extensions (>= 4.1) - restriction: || (== dnxcore50) (>= netstandard1.3)
      System.Threading (>= 4.0.11) - restriction: || (== dnxcore50) (>= netstandard1.3)
    System.Globalization (4.0.11) - restriction: >= netstandard1.0
      Microsoft.NETCore.Platforms (>= 1.0.1) - restriction: || (== dnxcore50) (== netstandard1.0) (>= netstandard1.3)
      Microsoft.NETCore.Targets (>= 1.0.1) - restriction: || (== dnxcore50) (== netstandard1.0) (>= netstandard1.3)
      System.Runtime (>= 4.1) - restriction: || (== dnxcore50) (== netstandard1.0) (>= netstandard1.3)
    System.IO (4.1) - restriction: >= netstandard1.0
      Microsoft.NETCore.Platforms (>= 1.0.1) - restriction: || (== dnxcore50) (== netstandard1.0) (== netstandard1.3) (>= netstandard1.5)
      Microsoft.NETCore.Targets (>= 1.0.1) - restriction: || (== dnxcore50) (== netstandard1.0) (== netstandard1.3) (>= netstandard1.5)
      System.Runtime (>= 4.1) - restriction: || (== dnxcore50) (== netstandard1.0) (== netstandard1.3) (>= netstandard1.5)
      System.Text.Encoding (>= 4.0.11) - restriction: || (== dnxcore50) (== netstandard1.0) (== netstandard1.3) (>= netstandard1.5)
      System.Threading.Tasks (>= 4.0.11) - restriction: || (== dnxcore50) (== netstandard1.0) (== netstandard1.3) (>= netstandard1.5)
    System.IO.FileSystem (4.0.1) - restriction: >= netstandard1.3
      Microsoft.NETCore.Platforms (>= 1.0.1) - restriction: >= netstandard1.3
      Microsoft.NETCore.Targets (>= 1.0.1) - restriction: >= netstandard1.3
      System.IO (>= 4.1) - restriction: >= netstandard1.3
      System.IO.FileSystem.Primitives (>= 4.0.1) - restriction: >= netstandard1.3
      System.Runtime (>= 4.1) - restriction: >= netstandard1.3
      System.Runtime.Handles (>= 4.0.1) - restriction: >= netstandard1.3
      System.Text.Encoding (>= 4.0.11) - restriction: >= netstandard1.3
      System.Threading.Tasks (>= 4.0.11) - restriction: >= netstandard1.3
    System.IO.FileSystem.Primitives (4.0.1) - restriction: >= netstandard1.3
      System.Runtime (>= 4.1) - restriction: >= netstandard1.3
    System.Linq (4.1) - restriction: >= netstandard1.0
      System.Collections (>= 4.0.11) - restriction: || (== dnxcore50) (== netstandard1.0) (>= netstandard1.6)
      System.Diagnostics.Debug (>= 4.0.11) - restriction: || (== dnxcore50) (>= netstandard1.6)
      System.Resources.ResourceManager (>= 4.0.1) - restriction: || (== dnxcore50) (>= netstandard1.6)
      System.Runtime (>= 4.1) - restriction: || (== dnxcore50) (== netstandard1.0) (>= netstandard1.6)
      System.Runtime.Extensions (>= 4.1) - restriction: || (== dnxcore50) (>= netstandard1.6)
    System.Linq.Expressions (4.1) - restriction: >= netstandard1.0
      System.Collections (>= 4.0.11) - restriction: || (== dnxcore50) (>= netstandard1.6)
      System.Diagnostics.Debug (>= 4.0.11) - restriction: || (== dnxcore50) (>= netstandard1.6)
      System.Globalization (>= 4.0.11) - restriction: || (== dnxcore50) (>= netstandard1.6)
      System.IO (>= 4.1) - restriction: || (== dnxcore50) (>= netstandard1.6)
      System.Linq (>= 4.1) - restriction: || (== dnxcore50) (>= netstandard1.6)
      System.ObjectModel (>= 4.0.12) - restriction: >= netstandard1.6
      System.Reflection (>= 4.1) - restriction: || (== dnxcore50) (== netstandard1.0) (== netstandard1.3) (>= netstandard1.6)
      System.Reflection.Emit (>= 4.0.1) - restriction: >= netstandard1.6
      System.Reflection.Emit.ILGeneration (>= 4.0.1) - restriction: || (== dnxcore50) (>= netstandard1.6)
      System.Reflection.Emit.Lightweight (>= 4.0.1) - restriction: || (== dnxcore50) (>= netstandard1.6)
      System.Reflection.Extensions (>= 4.0.1) - restriction: || (== dnxcore50) (>= netstandard1.6)
      System.Reflection.Primitives (>= 4.0.1) - restriction: || (== dnxcore50) (>= netstandard1.6)
      System.Reflection.TypeExtensions (>= 4.1) - restriction: || (== dnxcore50) (>= netstandard1.6)
      System.Resources.ResourceManager (>= 4.0.1) - restriction: || (== dnxcore50) (>= netstandard1.6)
      System.Runtime (>= 4.1) - restriction: || (== dnxcore50) (== netstandard1.0) (== netstandard1.3) (>= netstandard1.6)
      System.Runtime.Extensions (>= 4.1) - restriction: || (== dnxcore50) (>= netstandard1.6)
      System.Threading (>= 4.0.11) - restriction: || (== dnxcore50) (>= netstandard1.6)
    System.ObjectModel (4.0.12) - restriction: >= netstandard1.0
      System.Collections (>= 4.0.11) - restriction: || (== dnxcore50) (>= netstandard1.3)
      System.Diagnostics.Debug (>= 4.0.11) - restriction: || (== dnxcore50) (>= netstandard1.3)
      System.Resources.ResourceManager (>= 4.0.1) - restriction: || (== dnxcore50) (>= netstandard1.3)
      System.Runtime (>= 4.1) - restriction: || (== dnxcore50) (== netstandard1.0) (>= netstandard1.3)
      System.Threading (>= 4.0.11) - restriction: || (== dnxcore50) (>= netstandard1.3)
    System.Reflection (4.1) - restriction: >= netstandard1.0
      Microsoft.NETCore.Platforms (>= 1.0.1) - restriction: || (== dnxcore50) (== netstandard1.0) (== netstandard1.3) (>= netstandard1.5)
      Microsoft.NETCore.Targets (>= 1.0.1) - restriction: || (== dnxcore50) (== netstandard1.0) (== netstandard1.3) (>= netstandard1.5)
      System.IO (>= 4.1) - restriction: || (== dnxcore50) (== netstandard1.0) (== netstandard1.3) (>= netstandard1.5)
      System.Reflection.Primitives (>= 4.0.1) - restriction: || (== dnxcore50) (== netstandard1.0) (== netstandard1.3) (>= netstandard1.5)
      System.Runtime (>= 4.1) - restriction: || (== dnxcore50) (== netstandard1.0) (== netstandard1.3) (>= netstandard1.5)
    System.Reflection.Emit (4.0.1) - restriction: >= netstandard1.3
      System.IO (>= 4.1) - restriction: >= netstandard1.1
      System.Reflection (>= 4.1) - restriction: >= netstandard1.1
      System.Reflection.Emit.ILGeneration (>= 4.0.1) - restriction: >= netstandard1.1
      System.Reflection.Primitives (>= 4.0.1) - restriction: >= netstandard1.1
      System.Runtime (>= 4.1) - restriction: >= netstandard1.1
    System.Reflection.Emit.ILGeneration (4.0.1) - restriction: >= netstandard1.3
      System.Reflection (>= 4.1) - restriction: >= netstandard1.0
      System.Reflection.Primitives (>= 4.0.1) - restriction: >= netstandard1.0
      System.Runtime (>= 4.1) - restriction: >= netstandard1.0
    System.Reflection.Emit.Lightweight (4.0.1) - restriction: >= netstandard1.6
      System.Reflection (>= 4.1) - restriction: >= netstandard1.0
      System.Reflection.Emit.ILGeneration (>= 4.0.1) - restriction: || (== monoandroid) (>= netstandard1.0)
      System.Reflection.Primitives (>= 4.0.1) - restriction: >= netstandard1.0
      System.Runtime (>= 4.1) - restriction: >= netstandard1.0
    System.Reflection.Extensions (4.0.1) - restriction: >= netstandard1.0
      Microsoft.NETCore.Platforms (>= 1.0.1) - restriction: || (== dnxcore50) (>= netstandard1.0)
      Microsoft.NETCore.Targets (>= 1.0.1) - restriction: || (== dnxcore50) (>= netstandard1.0)
      System.Reflection (>= 4.1) - restriction: || (== dnxcore50) (>= netstandard1.0)
      System.Runtime (>= 4.1) - restriction: || (== dnxcore50) (>= netstandard1.0)
    System.Reflection.Primitives (4.0.1) - restriction: || (== netstandard1.0) (>= netstandard1.3)
      Microsoft.NETCore.Platforms (>= 1.0.1) - restriction: || (== dnxcore50) (>= netstandard1.0)
      Microsoft.NETCore.Targets (>= 1.0.1) - restriction: || (== dnxcore50) (>= netstandard1.0)
      System.Runtime (>= 4.1) - restriction: || (== dnxcore50) (>= netstandard1.0)
    System.Reflection.TypeExtensions (4.1) - restriction: >= netstandard1.3
      System.Reflection (>= 4.1) - restriction: || (== dnxcore50) (== netstandard1.3) (>= netstandard1.5)
      System.Runtime (>= 4.1) - restriction: || (== dnxcore50) (== netstandard1.3) (>= netstandard1.5)
    System.Resources.ResourceManager (4.0.1) - restriction: >= netstandard1.0
      Microsoft.NETCore.Platforms (>= 1.0.1) - restriction: || (== dnxcore50) (>= netstandard1.0)
      Microsoft.NETCore.Targets (>= 1.0.1) - restriction: || (== dnxcore50) (>= netstandard1.0)
      System.Globalization (>= 4.0.11) - restriction: || (== dnxcore50) (>= netstandard1.0)
      System.Reflection (>= 4.1) - restriction: || (== dnxcore50) (>= netstandard1.0)
      System.Runtime (>= 4.1) - restriction: || (== dnxcore50) (>= netstandard1.0)
    System.Runtime (4.1) - restriction: >= netstandard1.0
      Microsoft.NETCore.Platforms (>= 1.0.1) - restriction: || (== dnxcore50) (== netstandard1.0) (== netstandard1.2) (== netstandard1.3) (>= netstandard1.5)
      Microsoft.NETCore.Targets (>= 1.0.1) - restriction: || (== dnxcore50) (== netstandard1.0) (== netstandard1.2) (== netstandard1.3) (>= netstandard1.5)
    System.Runtime.Extensions (4.1) - restriction: >= netstandard1.0
      Microsoft.NETCore.Platforms (>= 1.0.1) - restriction: || (== dnxcore50) (== netstandard1.0) (== netstandard1.3) (>= netstandard1.5)
      Microsoft.NETCore.Targets (>= 1.0.1) - restriction: || (== dnxcore50) (== netstandard1.0) (== netstandard1.3) (>= netstandard1.5)
      System.Runtime (>= 4.1) - restriction: || (== dnxcore50) (== netstandard1.0) (== netstandard1.3) (>= netstandard1.5)
    System.Runtime.Handles (4.0.1) - restriction: >= netstandard1.3
      Microsoft.NETCore.Platforms (>= 1.0.1) - restriction: >= netstandard1.3
      Microsoft.NETCore.Targets (>= 1.0.1) - restriction: >= netstandard1.3
      System.Runtime (>= 4.1) - restriction: >= netstandard1.3
    System.Runtime.InteropServices (4.1) - restriction: >= netstandard1.3
      Microsoft.NETCore.Platforms (>= 1.0.1) - restriction: || (== dnxcore50) (== netstandard1.1) (== netstandard1.2) (== netstandard1.3) (>= netstandard1.5)
      Microsoft.NETCore.Targets (>= 1.0.1) - restriction: || (== dnxcore50) (== netstandard1.1) (== netstandard1.2) (== netstandard1.3) (>= netstandard1.5)
      System.Reflection (>= 4.1) - restriction: || (== dnxcore50) (== netstandard1.1) (== netstandard1.2) (== netstandard1.3) (>= netstandard1.5)
      System.Reflection.Primitives (>= 4.0.1) - restriction: || (== dnxcore50) (== netstandard1.1) (== netstandard1.2) (== netstandard1.3) (>= netstandard1.5)
      System.Runtime (>= 4.1) - restriction: || (== dnxcore50) (== netstandard1.1) (== netstandard1.2) (== netstandard1.3) (>= netstandard1.5)
      System.Runtime.Handles (>= 4.0.1) - restriction: || (== dnxcore50) (== netstandard1.3) (>= netstandard1.5)
    System.Runtime.Serialization.Primitives (4.1.1) - restriction: >= netstandard1.0
      System.Resources.ResourceManager (>= 4.0.1) - restriction: || (== dnxcore50) (>= netstandard1.3)
      System.Runtime (>= 4.1) - restriction: || (== dnxcore50) (== netstandard1.0) (>= netstandard1.3)
    System.Text.Encoding (4.0.11) - restriction: >= netstandard1.0
      Microsoft.NETCore.Platforms (>= 1.0.1) - restriction: || (== dnxcore50) (== netstandard1.0) (>= netstandard1.3)
      Microsoft.NETCore.Targets (>= 1.0.1) - restriction: || (== dnxcore50) (== netstandard1.0) (>= netstandard1.3)
      System.Runtime (>= 4.1) - restriction: || (== dnxcore50) (== netstandard1.0) (>= netstandard1.3)
    System.Text.Encoding.Extensions (4.0.11) - restriction: >= netstandard1.0
      Microsoft.NETCore.Platforms (>= 1.0.1) - restriction: || (== dnxcore50) (== netstandard1.0) (>= netstandard1.3)
      Microsoft.NETCore.Targets (>= 1.0.1) - restriction: || (== dnxcore50) (== netstandard1.0) (>= netstandard1.3)
      System.Runtime (>= 4.1) - restriction: || (== dnxcore50) (== netstandard1.0) (>= netstandard1.3)
      System.Text.Encoding (>= 4.0.11) - restriction: || (== dnxcore50) (== netstandard1.0) (>= netstandard1.3)
    System.Text.RegularExpressions (4.1) - restriction: >= netstandard1.0
      System.Collections (>= 4.0.11) - restriction: || (== dnxcore50) (>= netstandard1.6)
      System.Globalization (>= 4.0.11) - restriction: || (== dnxcore50) (>= netstandard1.6)
      System.Resources.ResourceManager (>= 4.0.1) - restriction: || (== dnxcore50) (>= netstandard1.6)
      System.Runtime (>= 4.1) - restriction: || (== dnxcore50) (== netstandard1.0) (== netstandard1.3) (>= netstandard1.6)
      System.Runtime.Extensions (>= 4.1) - restriction: || (== dnxcore50) (>= netstandard1.6)
      System.Threading (>= 4.0.11) - restriction: || (== dnxcore50) (>= netstandard1.6)
    System.Threading (4.0.11) - restriction: >= netstandard1.0
      System.Runtime (>= 4.1) - restriction: || (== dnxcore50) (== netstandard1.0) (>= netstandard1.3)
      System.Threading.Tasks (>= 4.0.11) - restriction: || (== dnxcore50) (== netstandard1.0) (>= netstandard1.3)
    System.Threading.Tasks (4.0.11) - restriction: >= netstandard1.0
      Microsoft.NETCore.Platforms (>= 1.0.1) - restriction: || (== dnxcore50) (== netstandard1.0) (>= netstandard1.3)
      Microsoft.NETCore.Targets (>= 1.0.1) - restriction: || (== dnxcore50) (== netstandard1.0) (>= netstandard1.3)
      System.Runtime (>= 4.1) - restriction: || (== dnxcore50) (== netstandard1.0) (>= netstandard1.3)
    System.Threading.Tasks.Extensions (4.0) - restriction: >= netstandard1.3
      System.Collections (>= 4.0.11) - restriction: >= netstandard1.0
      System.Runtime (>= 4.1) - restriction: >= netstandard1.0
      System.Threading.Tasks (>= 4.0.11) - restriction: >= netstandard1.0
    System.Xml.ReaderWriter (4.0.11) - restriction: >= netstandard1.0
      System.Collections (>= 4.0.11) - restriction: || (== dnxcore50) (>= netstandard1.3)
      System.Diagnostics.Debug (>= 4.0.11) - restriction: || (== dnxcore50) (>= netstandard1.3)
      System.Globalization (>= 4.0.11) - restriction: || (== dnxcore50) (>= netstandard1.3)
      System.IO (>= 4.1) - restriction: || (== dnxcore50) (== netstandard1.0) (>= netstandard1.3)
      System.IO.FileSystem (>= 4.0.1) - restriction: || (== dnxcore50) (>= netstandard1.3)
      System.IO.FileSystem.Primitives (>= 4.0.1) - restriction: || (== dnxcore50) (>= netstandard1.3)
      System.Resources.ResourceManager (>= 4.0.1) - restriction: || (== dnxcore50) (>= netstandard1.3)
      System.Runtime (>= 4.1) - restriction: || (== dnxcore50) (== netstandard1.0) (>= netstandard1.3)
      System.Runtime.Extensions (>= 4.1) - restriction: || (== dnxcore50) (>= netstandard1.3)
      System.Runtime.InteropServices (>= 4.1) - restriction: || (== dnxcore50) (>= netstandard1.3)
      System.Text.Encoding (>= 4.0.11) - restriction: || (== dnxcore50) (== netstandard1.0) (>= netstandard1.3)
      System.Text.Encoding.Extensions (>= 4.0.11) - restriction: || (== dnxcore50) (>= netstandard1.3)
      System.Text.RegularExpressions (>= 4.1) - restriction: || (== dnxcore50) (>= netstandard1.3)
      System.Threading.Tasks (>= 4.0.11) - restriction: || (== dnxcore50) (== netstandard1.0) (>= netstandard1.3)
      System.Threading.Tasks.Extensions (>= 4.0) - restriction: || (== dnxcore50) (>= netstandard1.3)
    System.Xml.XDocument (4.0.11) - restriction: >= netstandard1.0
      System.Collections (>= 4.0.11) - restriction: || (== dnxcore50) (>= netstandard1.3)
      System.Diagnostics.Debug (>= 4.0.11) - restriction: || (== dnxcore50) (>= netstandard1.3)
      System.Diagnostics.Tools (>= 4.0.1) - restriction: || (== dnxcore50) (>= netstandard1.3)
      System.Globalization (>= 4.0.11) - restriction: || (== dnxcore50) (>= netstandard1.3)
      System.IO (>= 4.1) - restriction: || (== dnxcore50) (== netstandard1.0) (>= netstandard1.3)
      System.Reflection (>= 4.1) - restriction: || (== dnxcore50) (>= netstandard1.3)
      System.Resources.ResourceManager (>= 4.0.1) - restriction: || (== dnxcore50) (>= netstandard1.3)
      System.Runtime (>= 4.1) - restriction: || (== dnxcore50) (== netstandard1.0) (>= netstandard1.3)
      System.Runtime.Extensions (>= 4.1) - restriction: || (== dnxcore50) (>= netstandard1.3)
      System.Text.Encoding (>= 4.0.11) - restriction: || (== dnxcore50) (>= netstandard1.3)
      System.Threading (>= 4.0.11) - restriction: || (== dnxcore50) (>= netstandard1.3)
      System.Xml.ReaderWriter (>= 4.0.11) - restriction: || (== dnxcore50) (== netstandard1.0) (>= netstandard1.3)

GROUP Test
NUGET
  remote: https://www.nuget.org/api/v2
    NUnit (2.6.4)
    NUnit.Runners (2.6.4)
